PATH
  remote: ../
  specs:
    blackpotion (1.0.0)
      thor

GEM
  remote: https://rubygems.org/
  specs:
    rake (11.1.2)
    thor (0.19.1)

PLATFORMS
  ruby

DEPENDENCIES
  blackpotion!
  rake

BUNDLED WITH
   1.11.2
